GEM
  remote: http://rubygems.org/
  specs:
    rainbow (2.0.0)
    sass (3.4.19)
    scss_lint (0.42.2)
      rainbow (~> 2.0)
      sass (~> 3.4.15)

PLATFORMS
  ruby
  x64-mingw32

DEPENDENCIES
  sass (~> 3.4.19)
  scss_lint (~> 0.42.2)

BUNDLED WITH
   1.10.6
